NUGET
  remote: https://nuget.org/api/v2
  specs:
    FAKE (3.26.1)
    FSharp.Compiler.Service (0.0.87)
    FSharp.Control.AsyncSeq (1.15.0)
    FSharp.Formatting (2.7.5)
      FSharp.Compiler.Service (>= 0.0.82)
      FSharpVSPowerTools.Core (>= 1.7.0)
    FSharpVSPowerTools.Core (1.7.0)
      FSharp.Compiler.Service (>= 0.0.81)
    Microsoft.Bcl (1.1.10)
      Microsoft.Bcl.Build (>= 1.0.14)
    Microsoft.Bcl.Build (1.0.21)
    Microsoft.Net.Http (2.2.29)
      Microsoft.Bcl (>= 1.1.10)
      Microsoft.Bcl.Build (>= 1.0.14)
    NUnit (2.6.4)
    NUnit.Runners (2.6.4)
    Octokit (0.8.0)
      Microsoft.Net.Http
    SourceLink.Fake (0.5.0)
GITHUB
  remote: fsharp/FAKE
  specs:
    modules/Octokit/Octokit.fsx (e8456a22c8b342c53190030401d0daf00f0682ae)
      Octokit
  remote: fsprojects/FSharpx.Collections
  specs:
    src/FSharpx.Collections/CircularBuffer.fs (25c1e5909c0001657e861fb15ebcb08ba4da1373)